GEM
  remote: https://rubygems.org/
  specs:
    archive-tar-minitar (~> 0.6)
    daemons (1.1.9)
    docker-api (1.13.0)
      archive-tar-minitar
      excon (>= 0.37.0)
      json
    eventmachine (1.0.3)
    excon (0.40.0)
    json (1.8.1)
    rack (~> 1.5.4)
    rack-protection (~> 1.5.5)
      rack
    sinatra (1.4.5)
      rack (~> 1.4)
      rack-protection (~> 1.4)
      tilt (~> 1.3, >= 1.3.4)
    thin (1.6.3)
      daemons (~> 1.0, >= 1.0.9)
      eventmachine (~> 1.0)
      rack (~> 1.0)
    tilt (1.4.1)

PLATFORMS
  ruby

DEPENDENCIES
  docker-api (= 1.13.0)
  sinatra
  thin
